GEM
  remote: https://rubygems.org/
  specs:
    actioncable (7.1.5.1)
      actionpack (= 7.1.5.1)
      activesupport (= 7.1.5.1)
      nio4r (~> 2.0)
      websocket-driver (>= 0.6.1)
      zeitwerk (~> 2.6)
    actionmailbox (7.1.5.1)
      actionpack (= 7.1.5.1)
      activejob (= 7.1.5.1)
      activerecord (= 7.1.5.1)
      activestorage (= 7.1.5.1)
      activesupport (= 7.1.5.1)
      mail (>= 2.7.1)
      net-imap
      net-pop
      net-smtp
    actionmailer (7.1.5.1)
      actionpack (= 7.1.5.1)
      actionview (= 7.1.5.1)
      activejob (= 7.1.5.1)
      activesupport (= 7.1.5.1)
      mail (~> 2.5, >= 2.5.4)
      net-imap
      net-pop
      net-smtp
      rails-dom-testing (~> 2.2)
    actionpack (7.1.5.1)
      actionview (= 7.1.5.1)
      activesupport (= 7.1.5.1)
      nokogiri (>= 1.8.5)
      racc
      rack (>= 2.2.4)
      rack-session (>= 1.0.1)
      rack-test (>= 0.6.3)
      rails-dom-testing (~> 2.2)
      rails-html-sanitizer (~> 1.6)
    actiontext (7.1.5.1)
      actionpack (= 7.1.5.1)
      activerecord (= 7.1.5.1)
      activestorage (= 7.1.5.1)
      activesupport (= 7.1.5.1)
      globalid (>= 0.6.0)
      nokogiri (>= 1.8.5)
    actionview (7.1.5.1)
      activesupport (= 7.1.5.1)
      builder (~> 3.1)
      erubi (~> 1.11)
      rails-dom-testing (~> 2.2)
      rails-html-sanitizer (~> 1.6)
    activejob (7.1.5.1)
      activesupport (= 7.1.5.1)
      globalid (>= 0.3.6)
    activemodel (7.1.5.1)
      activesupport (= 7.1.5.1)
    activerecord (7.1.5.1)
      activemodel (= 7.1.5.1)
      activesupport (= 7.1.5.1)
      timeout (>= 0.4.0)
    activerecord-multi-tenant (2.4.0)
      rails (>= 6)
    activestorage (7.1.5.1)
      actionpack (= 7.1.5.1)
      activejob (= 7.1.5.1)
      activerecord (= 7.1.5.1)
      activesupport (= 7.1.5.1)
      marcel (~> 1.0)
    activesupport (7.1.5.1)
      base64
      benchmark (>= 0.3)
      bigdecimal
      concurrent-ruby (~> 1.0, >= 1.0.2)
      connection_pool (>= 2.2.5)
      drb
      i18n (>= 1.6, < 2)
      logger (>= 1.4.2)
      minitest (>= 5.1)
      mutex_m
      securerandom (>= 0.3)
      tzinfo (~> 2.0)
    addressable (2.8.6)
      public_suffix (>= 2.0.2, < 6.0)
    base64 (0.3.0)
    benchmark (0.4.1)
    bigdecimal (3.2.2)
    bindex (0.8.1)
    bootsnap (1.17.0)
      msgpack (~> 1.2)
    builder (3.3.0)
    bullet (8.0.8)
      activesupport (>= 3.0.0)
      uniform_notifier (~> 1.11)
    capybara (3.39.2)
      addressable
      matrix
      mini_mime (>= 0.1.3)
      nokogiri (~> 1.8)
      rack (>= 1.6.0)
      rack-test (>= 0.6.3)
      regexp_parser (>= 1.5, < 3.0)
      xpath (~> 3.2)
    case_transform2 (1.1.1)
    concurrent-ruby (1.3.5)
    connection_pool (2.5.3)
    crass (1.0.6)
    cssbundling-rails (1.3.3)
      railties (>= 6.0.0)
    date (3.4.1)
    debug (1.8.0)
      irb (>= 1.5.0)
      reline (>= 0.3.1)
    docile (1.4.1)
    domain_name (0.6.20240107)
    drb (2.2.3)
    dry-configurable (1.1.0)
      dry-core (~> 1.0, < 2)
      zeitwerk (~> 2.6)
    dry-core (1.0.1)
      concurrent-ruby (~> 1.0)
      zeitwerk (~> 2.6)
    dynamic_links (0.2.0)
      rails (>= 5, <= 8)
    elastic-apm (4.8.0)
      concurrent-ruby (~> 1.0)
      http (>= 3.0)
      ruby2_keywords
    erb (5.0.1)
    erubi (1.13.1)
    faraday (2.8.1)
      base64
      faraday-net_http (>= 2.0, < 3.1)
      ruby2_keywords (>= 0.0.4)
    faraday-net_http (2.1.0)
    ffi (1.17.2-aarch64-linux-gnu)
    ffi (1.17.2-arm64-darwin)
    ffi (1.17.2-x86_64-linux-gnu)
    ffi-compiler (1.3.2)
      ffi (>= 1.15.5)
      rake
    firebase_dynamic_link (3.0.0)
      case_transform2 (>= 1.0, < 2.0)
      dry-configurable (>= 1.0, < 2.0)
      faraday (>= 0.16, < 3.0)
      faraday-net_http (>= 1.0, < 3.0)
    globalid (1.2.1)
      activesupport (>= 6.1)
    http (5.3.1)
      addressable (~> 2.8)
      http-cookie (~> 1.0)
      http-form_data (~> 2.2)
      llhttp-ffi (~> 0.5.0)
    http-cookie (1.0.8)
      domain_name (~> 0.5)
    http-form_data (2.3.0)
    i18n (1.14.7)
      concurrent-ruby (~> 1.0)
    io-console (0.8.0)
    irb (1.15.2)
      pp (>= 0.6.0)
      rdoc (>= 4.0.0)
      reline (>= 0.4.2)
    jbuilder (2.11.5)
      actionview (>= 5.0.0)
      activesupport (>= 5.0.0)
    jsbundling-rails (1.2.1)
      railties (>= 6.0.0)
    llhttp-ffi (0.5.1)
      ffi-compiler (~> 1.0)
      rake (~> 13.0)
    logger (1.7.0)
    loofah (2.24.1)
      crass (~> 1.0.2)
      nokogiri (>= 1.12.0)
    mail (2.8.1)
      mini_mime (>= 0.1.1)
      net-imap
      net-pop
      net-smtp
    marcel (1.0.4)
    matrix (0.4.2)
    mini_mime (1.1.5)
    minitest (5.25.5)
    msgpack (1.7.2)
    mutex_m (0.3.0)
    nanoid (2.0.0)
    net-imap (0.5.9)
      date
      net-protocol
    net-pop (0.1.2)
      net-protocol
    net-protocol (0.2.2)
      timeout
    net-smtp (0.5.1)
      net-protocol
    nio4r (2.7.4)
    nokogiri (1.18.8-aarch64-linux-gnu)
      racc (~> 1.4)
    nokogiri (1.18.8-arm64-darwin)
      racc (~> 1.4)
    nokogiri (1.18.8-x86_64-linux-gnu)
      racc (~> 1.4)
    pg (1.5.4)
    pp (0.6.2)
      prettyprint
    prettyprint (0.2.0)
    psych (5.2.6)
      date
      stringio
    public_suffix (5.0.4)
    puma (6.4.0)
      nio4r (~> 2.0)
    racc (1.8.1)
    rack (3.1.16)
    rack-attack (6.7.0)
      rack (>= 1.0, < 4)
    rack-mini-profiler (3.3.0)
      rack (>= 1.2.0)
    rack-session (2.1.1)
      base64 (>= 0.1.0)
      rack (>= 3.0.0)
    rack-test (2.2.0)
      rack (>= 1.3)
    rackup (2.2.1)
      rack (>= 3)
    rails (7.1.5.1)
      actioncable (= 7.1.5.1)
      actionmailbox (= 7.1.5.1)
      actionmailer (= 7.1.5.1)
      actionpack (= 7.1.5.1)
      actiontext (= 7.1.5.1)
      actionview (= 7.1.5.1)
      activejob (= 7.1.5.1)
      activemodel (= 7.1.5.1)
      activerecord (= 7.1.5.1)
      activestorage (= 7.1.5.1)
      activesupport (= 7.1.5.1)
      bundler (>= 1.15.0)
      railties (= 7.1.5.1)
    rails-dom-testing (2.3.0)
      activesupport (>= 5.0.0)
      minitest
      nokogiri (>= 1.6)
    rails-html-sanitizer (1.6.2)
      loofah (~> 2.21)
      nokogiri (>= 1.15.7, != 1.16.7, != 1.16.6, != 1.16.5, != 1.16.4, != 1.16.3, != 1.16.2, != 1.16.1, != 1.16.0.rc1, != 1.16.0)
    railties (7.1.5.1)
      actionpack (= 7.1.5.1)
      activesupport (= 7.1.5.1)
      irb
      rackup (>= 1.0.0)
      rake (>= 12.2)
      thor (~> 1.0, >= 1.2.2)
      zeitwerk (~> 2.6)
    rake (13.3.0)
    rdoc (6.14.2)
      erb
      psych (>= 4.0.0)
    redis (5.0.8)
      redis-client (>= 0.17.0)
    redis-client (0.19.0)
      connection_pool
    regexp_parser (2.8.3)
    reline (0.6.1)
      io-console (~> 0.5)
    rexml (3.2.6)
    ruby2_keywords (0.0.5)
    rubyzip (2.3.2)
    securerandom (0.4.1)
    selenium-webdriver (4.10.0)
      rexml (~> 3.2, >= 3.2.5)
      rubyzip (>= 1.2.2, < 3.0)
      websocket (~> 1.0)
    sidekiq (7.2.0)
      concurrent-ruby (< 2)
      connection_pool (>= 2.3.0)
      rack (>= 2.2.4)
      redis-client (>= 0.14.0)
    simplecov (0.22.0)
      docile (~> 1.1)
      simplecov-html (~> 0.11)
      simplecov_json_formatter (~> 0.1)
    simplecov-html (0.13.1)
    simplecov_json_formatter (0.1.4)
    sprockets (4.2.1)
      concurrent-ruby (~> 1.0)
      rack (>= 2.2.4, < 4)
    sprockets-rails (3.4.2)
      actionpack (>= 5.2)
      activesupport (>= 5.2)
      sprockets (>= 3.0.0)
    stimulus-rails (1.3.0)
      railties (>= 6.0.0)
    stringio (3.1.7)
    thor (1.3.2)
    timeout (0.4.3)
    turbo-rails (1.5.0)
      actionpack (>= 6.0.0)
      activejob (>= 6.0.0)
      railties (>= 6.0.0)
    tzinfo (2.0.6)
      concurrent-ruby (~> 1.0)
    uniform_notifier (1.17.0)
    web-console (4.2.1)
      actionview (>= 6.0.0)
      activemodel (>= 6.0.0)
      bindex (>= 0.4.0)
      railties (>= 6.0.0)
    webdrivers (5.3.1)
      nokogiri (~> 1.6)
      rubyzip (>= 1.3.0)
      selenium-webdriver (~> 4.0, < 4.11)
    websocket (1.2.10)
    websocket-driver (0.8.0)
      base64
      websocket-extensions (>= 0.1.0)
    websocket-extensions (0.1.5)
    xpath (3.2.0)
      nokogiri (~> 1.8)
    zeitwerk (2.7.3)

PLATFORMS
  aarch64-linux
  arm64-darwin-24
  x86_64-linux

DEPENDENCIES
  activerecord-multi-tenant
  bootsnap
  bullet
  capybara
  cssbundling-rails
  debug
  dynamic_links
  elastic-apm
  firebase_dynamic_link
  jbuilder
  jsbundling-rails
  nanoid
  pg (~> 1.1)
  puma (~> 6.4)
  rack-attack (~> 6.7)
  rack-mini-profiler
  rails (~> 7.1.2)
  redis (~> 5.0)
  selenium-webdriver
  sidekiq (~> 7.2)
  simplecov
  sprockets-rails
  stimulus-rails
  turbo-rails
  tzinfo-data
  web-console
  webdrivers

RUBY VERSION
   ruby 3.4.1p0

BUNDLED WITH
   2.4.10
